PATH
  remote: .
  specs:
    pager_judy (0.3.1)
      clamp (~> 1.3.0)
      console_logger (~> 1.0)
      httpi
      jmespath
      multi_json

GEM
  remote: https://rubygems.org/
  specs:
    ast (2.4.0)
    awesome_print (1.8.0)
    clamp (1.3.1)
    coderay (1.1.2)
    console_logger (1.0.0)
    diff-lcs (1.3)
    find_a_port (1.0.1)
    httpi (2.4.4)
      rack
      socksify
    jaro_winkler (1.5.1)
    jmespath (1.4.0)
    json (2.3.1)
    method_source (0.9.2)
    multi_json (1.14.1)
    mustermann (1.0.3)
    pact-support (1.8.1)
      awesome_print (~> 1.1)
      find_a_port (~> 1.0.1)
      json
      randexp (~> 0.1.7)
      rspec (>= 2.14)
      term-ansicolor (~> 1.0)
      thor
    parallel (1.12.1)
    parser (2.5.3.0)
      ast (~> 2.4.0)
    powerpack (0.1.2)
    pry (0.12.2)
      coderay (~> 1.1.0)
      method_source (~> 0.9.0)
    rack (2.2.3)
    rack-protection (2.0.5)
      rack
    rack-test (1.1.0)
      rack (>= 1.0, < 3)
    rainbow (3.0.0)
    rake (13.0.1)
    randexp (0.1.7)
    rspec (3.8.0)
      rspec-core (~> 3.8.0)
      rspec-expectations (~> 3.8.0)
      rspec-mocks (~> 3.8.0)
    rspec-core (3.8.0)
      rspec-support (~> 3.8.0)
    rspec-expectations (3.8.2)
      diff-lcs (>= 1.2.0, < 2.0)
      rspec-support (~> 3.8.0)
    rspec-mocks (3.8.0)
      diff-lcs (>= 1.2.0, < 2.0)
      rspec-support (~> 3.8.0)
    rspec-pact-matchers (0.1.0)
      pact-support (>= 1.1.2, < 2.0)
      rspec (~> 3.0)
      term-ansicolor (~> 1.0)
    rspec-support (3.8.0)
    rubocop (0.61.1)
      jaro_winkler (~> 1.5.1)
      parallel (~> 1.10)
      parser (>= 2.5, != 2.5.1.1)
      powerpack (~> 0.1)
      rainbow (>= 2.2.2, < 4.0)
      ruby-progressbar (~> 1.7)
      unicode-display_width (~> 1.4.0)
    ruby-progressbar (1.10.0)
    sham_rack (1.4.1)
      rack
    sinatra (2.0.5)
      mustermann (~> 1.0)
      rack (~> 2.0)
      rack-protection (= 2.0.5)
      tilt (~> 2.0)
    socksify (1.7.1)
    term-ansicolor (1.7.0)
      tins (~> 1.0)
    thor (0.20.3)
    tilt (2.0.9)
    tins (1.20.2)
    unicode-display_width (1.4.1)

PLATFORMS
  ruby

DEPENDENCIES
  bundler (~> 1.16)
  pager_judy!
  pry
  rack-test
  rake (~> 13.0)
  rspec (~> 3.5)
  rspec-pact-matchers (~> 0.1)
  rubocop (~> 0.49)
  sham_rack
  sinatra

BUNDLED WITH
   1.17.3
