GEM
  remote: https://rubygems.org/
  specs:
    ast (2.3.0)
    awesome_print (1.8.0)
    clamp (1.1.2)
    coderay (1.1.1)
    config_hound (1.4.1)
      dig_rb
    config_mapper (1.6.0)
    console_logger (1.0.0)
    diff-lcs (1.3)
    dig_rb (1.0.1)
    find_a_port (1.0.1)
    httpi (2.4.2)
      rack
      socksify
    jmespath (1.3.1)
    json (2.1.0)
    method_source (0.8.2)
    multi_json (1.12.2)
    mustermann (1.0.1)
    pact-support (1.1.2)
      awesome_print (~> 1.1)
      find_a_port (~> 1.0.1)
      json
      rack-test (~> 0.6.2)
      randexp (~> 0.1.7)
      rspec (>= 2.14)
      term-ansicolor (~> 1.0)
      thor
    parallel (1.12.0)
    parser (2.4.0.0)
      ast (~> 2.2)
    powerpack (0.1.1)
    pry (0.10.4)
      coderay (~> 1.1.0)
      method_source (~> 0.8.1)
      slop (~> 3.4)
    rack (2.0.3)
    rack-protection (2.0.0)
      rack
    rack-test (0.6.3)
      rack (>= 1.0)
    rainbow (2.2.2)
      rake
    rake (12.1.0)
    randexp (0.1.7)
    rspec (3.5.0)
      rspec-core (~> 3.5.0)
      rspec-expectations (~> 3.5.0)
      rspec-mocks (~> 3.5.0)
    rspec-core (3.5.4)
      rspec-support (~> 3.5.0)
    rspec-expectations (3.5.0)
      diff-lcs (>= 1.2.0, < 2.0)
      rspec-support (~> 3.5.0)
    rspec-mocks (3.5.0)
      diff-lcs (>= 1.2.0, < 2.0)
      rspec-support (~> 3.5.0)
    rspec-pact-matchers (0.1.0)
      pact-support (>= 1.1.2, < 2.0)
      rspec (~> 3.0)
      term-ansicolor (~> 1.0)
    rspec-support (3.5.0)
    rubocop (0.49.1)
      parallel (~> 1.10)
      parser (>= 2.3.3.1, < 3.0)
      powerpack (~> 0.1)
      rainbow (>= 1.99.1, < 3.0)
      ruby-progressbar (~> 1.7)
      unicode-display_width (~> 1.0, >= 1.0.1)
    ruby-progressbar (1.8.1)
    sham_rack (1.4.1)
      rack
    sinatra (2.0.0)
      mustermann (~> 1.0)
      rack (~> 2.0)
      rack-protection (= 2.0.0)
      tilt (~> 2.0)
    slop (3.6.0)
    socksify (1.7.1)
    term-ansicolor (1.6.0)
      tins (~> 1.0)
    thor (0.20.0)
    tilt (2.0.8)
    tins (1.15.0)
    unicode-display_width (1.3.0)

PLATFORMS
  ruby

DEPENDENCIES
  clamp (~> 1.1.2)
  config_hound (~> 1.4, >= 1.4.1)
  config_mapper (~> 1.6)
  console_logger (~> 1.0)
  httpi
  jmespath
  multi_json
  pry
  rack-test
  rake (~> 12.0)
  rspec (~> 3.5)
  rspec-pact-matchers (~> 0.1)
  rubocop (~> 0.49)
  sham_rack
  sinatra

BUNDLED WITH
   1.15.4
