GEM
  remote: https://rubygems.org/
  specs:
    clamp (1.1.2)
    coderay (1.1.1)
    config_hound (1.2.1)
    config_mapper (1.4.1)
    console_logger (1.0.0)
    diff-lcs (1.3)
    method_source (0.8.2)
    pry (0.10.4)
      coderay (~> 1.1.0)
      method_source (~> 0.8.1)
      slop (~> 3.4)
    rake (12.0.0)
    rspec (3.5.0)
      rspec-core (~> 3.5.0)
      rspec-expectations (~> 3.5.0)
      rspec-mocks (~> 3.5.0)
    rspec-core (3.5.4)
      rspec-support (~> 3.5.0)
    rspec-expectations (3.5.0)
      diff-lcs (>= 1.2.0, < 2.0)
      rspec-support (~> 3.5.0)
    rspec-mocks (3.5.0)
      diff-lcs (>= 1.2.0, < 2.0)
      rspec-support (~> 3.5.0)
    rspec-support (3.5.0)
    slop (3.6.0)

PLATFORMS
  ruby

DEPENDENCIES
  clamp (~> 1.1.1)!
  config_hound (~> 1.2)!
  config_mapper (~> 1.4.1)!
  console_logger (~> 1.0)!
  pry
  rake
  rspec (~> 3.5.0)

BUNDLED WITH
   1.15.1
